GEM
  remote: https://rubygems.org/
  specs:
    byebug (9.0.5)

PLATFORMS
  ruby

DEPENDENCIES
  byebug

BUNDLED WITH
   1.10.5
